PATH
  remote: .
  specs:
    rgeoserver (0.7.0.alpha1)
      activemodel (~> 3.2.0)
      activeresource (~> 3.2.0)
      activesupport (~> 3.2.0)
      confstruct (~> 0.2)
      mime-types (~> 1.23)
      nokogiri (~> 1.6)
      rest-client (~> 1.6)
      rgeo (~> 0.3)
      rgeo-shapefile (~> 0.2)
      rubyzip (~> 0.9)

GEM
  remote: https://rubygems.org/
  specs:
    activemodel (3.2.13)
      activesupport (= 3.2.13)
      builder (~> 3.0.0)
    activeresource (3.2.13)
      activemodel (= 3.2.13)
      activesupport (= 3.2.13)
    activesupport (3.2.13)
      i18n (= 0.6.1)
      multi_json (~> 1.0)
    alias (0.2.3)
    awesome_print (1.1.0)
    boson (1.2.4)
    boson-more (0.2.2)
      boson (>= 1.2.0)
    builder (3.0.4)
    childprocess (0.3.9)
      ffi (~> 1.0, >= 1.0.11)
    clipboard (1.0.5)
    coderay (1.0.9)
    columnize (0.3.6)
    confstruct (0.2.5)
    dbf (2.0.4)
      fastercsv (~> 1.5.4)
    debugger (1.6.0)
      columnize (>= 0.3.1)
      debugger-linecache (~> 1.2.0)
      debugger-ruby_core_source (~> 1.2.1)
    debugger-linecache (1.2.0)
    debugger-ruby_core_source (1.2.3)
    diff-lcs (1.2.4)
    equivalent-xml (0.3.0)
      nokogiri (>= 1.4.3)
    every_day_irb (1.5.0)
    fancy_irb (0.7.3)
      paint (>= 0.8.1)
      unicode-display_width (>= 0.1.1)
    fastercsv (1.5.5)
    ffi (1.9.0)
    g (1.7.2)
    hirb (0.7.1)
    i18n (0.6.1)
    interactive_editor (0.0.10)
      spoon (>= 0.0.1)
    irbtools (1.5.0)
      alias (~> 0.2.3)
      awesome_print (~> 1.1.0)
      boson (~> 1.2.4)
      boson-more (~> 0.2.2)
      clipboard (~> 1.0.5)
      coderay (~> 1.0.9)
      every_day_irb (>= 1.5.0)
      fancy_irb (>= 0.7.3)
      g (>= 1.7.2)
      hirb (~> 0.7.1)
      interactive_editor (>= 0.0.10)
      method_locator (>= 0.0.4)
      method_source (>= 0.8.1)
      methodfinder (>= 1.2.5)
      ori (~> 0.1.0)
      paint (>= 0.8.6)
      wirb (>= 1.0.1)
      zucker (>= 13.1)
    jettywrapper (1.4.1)
      activesupport (>= 3.0.0)
      childprocess
      i18n
      logger
      mediashelf-loggable
    logger (1.2.8)
    mediashelf-loggable (0.4.9)
    method_locator (0.0.4)
    method_source (0.8.1)
    methodfinder (1.2.5)
    mime-types (1.23)
    mini_portile (0.5.0)
    multi_json (1.7.7)
    nokogiri (1.6.0)
      mini_portile (~> 0.5.0)
    ori (0.1.0)
    paint (0.8.6)
    pry (0.9.12.2)
      coderay (~> 1.0.5)
      method_source (~> 0.8)
      slop (~> 3.4)
    rake (10.1.0)
    rest-client (1.6.7)
      mime-types (>= 1.16)
    rgeo (0.3.20)
    rgeo-shapefile (0.2.3)
      dbf (>= 1.7.0)
      rgeo (>= 0.3.3)
    rspec (2.13.0)
      rspec-core (~> 2.13.0)
      rspec-expectations (~> 2.13.0)
      rspec-mocks (~> 2.13.0)
    rspec-core (2.13.1)
    rspec-expectations (2.13.0)
      diff-lcs (>= 1.1.3, < 2.0)
    rspec-mocks (2.13.1)
    rubyzip (0.9.9)
    shoulda (3.5.0)
      shoulda-context (~> 1.0, >= 1.0.1)
      shoulda-matchers (>= 1.4.1, < 3.0)
    shoulda-context (1.1.4)
    shoulda-matchers (2.2.0)
      activesupport (>= 3.0.0)
    slop (3.4.5)
    spoon (0.0.4)
      ffi
    unicode-display_width (0.1.1)
    version_bumper (0.3.0)
    wirb (1.0.1)
      paint
    yard (0.8.6.2)
    zucker (13.1)

PLATFORMS
  ruby

DEPENDENCIES
  awesome_print
  bundler (~> 1.0)
  debugger (~> 1.5)
  equivalent-xml
  irbtools
  jettywrapper
  pry
  rake
  rgeoserver!
  rspec
  shoulda
  version_bumper
  yard
